GEM
  remote: https://rubygems.org/
  specs:
    addressable (2.3.8)
    faraday (0.9.1)
      multipart-post (>= 1.2, < 3)
    koala (2.2.0)
      addressable
      faraday
      multi_json
    multi_json (1.11.2)
    multipart-post (2.0.0)

PLATFORMS
  ruby

DEPENDENCIES
  koala

BUNDLED WITH
   1.10.6
